PATH
  remote: .
  specs:
    mbidle (1.0.0)
      em-dir-watcher
      em-imap
      em-systemcommand
      eventmachine
      rb-inotify

GEM
  remote: https://rubygems.org/
  specs:
    deferrable_gratification (0.3.1)
      eventmachine
    em-dir-watcher (0.9.4)
    em-imap (0.5)
      deferrable_gratification
      eventmachine
    em-systemcommand (2.0.10)
      escape
      eventmachine
      posix-spawn
    escape (0.0.4)
    eventmachine (1.0.4)
    ffi (1.9.6)
    posix-spawn (0.3.9)
    rake (10.4.2)
    rb-inotify (0.9.5)
      ffi (>= 0.5.0)

PLATFORMS
  ruby

DEPENDENCIES
  bundler (~> 1.7)
  mbidle!
  rake (~> 10.0)
